GIT
  remote: git://github.com/hading/bunny-mock.git
  revision: 182a44a52d53b835eaf379e7562883b7bba9c11e
  specs:
    bunny-mock (1.6.0)
      bunny (>= 1.7)

GIT
  remote: git://github.com/medusa-project/amqp_helper.git
  revision: e4e43afb82a498dba3d0946b853fbe8cfa16a94a
  specs:
    amqp_helper (0.2.2)
      bunny
      bunny-mock

GIT
  remote: git://github.com/medusa-project/net-http-digest_auth.git
  revision: 4816df9f44f27c774ea8172fab66eae74dd304ba
  specs:
    net-http-digest_auth (1.4)

GIT
  remote: https://github.com/UIUCLibrary/alma-api-batch
  revision: 68a7054fd494d362c9ad87eb09329ad5b92e638a
  specs:
    alma_api (0.3.2)
      ruby-limiter

GIT
  remote: https://github.com/medusa-project/medusa_storage.git
  revision: 8fd5e1e96ae1fd8b5fbb958d23c1160d8bd12a2d
  branch: master
  specs:
    medusa_storage (0.6.6)
      aws-sdk-s3
      hex_string
      io-like
      parallel (~> 1.12)

GIT
  remote: https://github.com/tom-sherman/send_file_with_range.git
  revision: 37b6e00f927cd3d614ce163d104f267e0173ae28
  branch: master
  specs:
    send_file_with_range (1.0.0)

GEM
  remote: https://rubygems.org/
  specs:
    actioncable (5.2.3)
      actionpack (= 5.2.3)
      nio4r (~> 2.0)
      websocket-driver (>= 0.6.1)
    actionmailer (5.2.3)
      actionpack (= 5.2.3)
      actionview (= 5.2.3)
      activejob (= 5.2.3)
      mail (~> 2.5, >= 2.5.4)
      rails-dom-testing (~> 2.0)
    actionpack (5.2.3)
      actionview (= 5.2.3)
      activesupport (= 5.2.3)
      rack (~> 2.0)
      rack-test (>= 0.6.3)
      rails-dom-testing (~> 2.0)
      rails-html-sanitizer (~> 1.0, >= 1.0.2)
    actionview (5.2.3)
      activesupport (= 5.2.3)
      builder (~> 3.1)
      erubi (~> 1.4)
      rails-dom-testing (~> 2.0)
      rails-html-sanitizer (~> 1.0, >= 1.0.3)
    activejob (5.2.3)
      activesupport (= 5.2.3)
      globalid (>= 0.3.6)
    activemodel (5.2.3)
      activesupport (= 5.2.3)
    activemodel-serializers-xml (1.0.2)
      activemodel (> 5.x)
      activesupport (> 5.x)
      builder (~> 3.1)
    activerecord (5.2.3)
      activemodel (= 5.2.3)
      activesupport (= 5.2.3)
      arel (>= 9.0)
    activestorage (5.2.3)
      actionpack (= 5.2.3)
      activerecord (= 5.2.3)
      marcel (~> 0.3.1)
    activesupport (5.2.3)
      concurrent-ruby (~> 1.0, >= 1.0.2)
      i18n (>= 0.7, < 2)
      minitest (~> 5.1)
      tzinfo (~> 1.1)
    addressable (2.6.0)
      public_suffix (>= 2.0.2, < 4.0)
    airbrussh (1.3.2)
      sshkit (>= 1.6.1, != 1.7.0)
    amq-protocol (2.3.0)
    arel (9.0.0)
    auto_html (2.0.0)
      gemoji (~> 2.1)
      redcarpet (~> 3.3)
      rinku (~> 1.7)
      tag_helper (~> 0.5)
    auto_strip_attributes (2.5.0)
      activerecord (>= 4.0)
    autoprefixer-rails (9.6.1)
      execjs
    aws-eventstream (1.0.3)
    aws-partitions (1.200.0)
    aws-sdk-core (3.62.0)
      aws-eventstream (~> 1.0, >= 1.0.2)
      aws-partitions (~> 1.0)
      aws-sigv4 (~> 1.1)
      jmespath (~> 1.0)
    aws-sdk-kms (1.24.0)
      aws-sdk-core (~> 3, >= 3.61.1)
      aws-sigv4 (~> 1.1)
    aws-sdk-s3 (1.46.0)
      aws-sdk-core (~> 3, >= 3.61.1)
      aws-sdk-kms (~> 1)
      aws-sigv4 (~> 1.1)
    aws-sigv4 (1.1.0)
      aws-eventstream (~> 1.0, >= 1.0.2)
    babel-source (5.8.35)
    babel-transpiler (0.7.0)
      babel-source (>= 4.0, < 6)
      execjs (~> 2.0)
    backports (3.15.0)
    bootstrap-sass (3.4.1)
      autoprefixer-rails (>= 5.2.1)
      sassc (>= 2.0.0)
    browser (2.6.1)
    builder (3.2.4)
    bunny (2.14.2)
      amq-protocol (~> 2.3, >= 2.3.0)
    byebug (11.0.1)
    cancancan (3.0.1)
    capistrano (3.11.0)
      airbrussh (>= 1.0.0)
      i18n
      rake (>= 10.0.0)
      sshkit (>= 1.9.0)
    capistrano-bundler (1.6.0)
      capistrano (~> 3.1)
    capistrano-passenger (0.2.0)
      capistrano (~> 3.0)
    capistrano-rails (1.4.0)
      capistrano (~> 3.1)
      capistrano-bundler (~> 1.1)
    capistrano-rbenv (2.1.4)
      capistrano (~> 3.1)
      sshkit (~> 1.3)
    capistrano-yarn (2.0.2)
      capistrano (~> 3.0)
    capybara (3.28.0)
      addressable
      mini_mime (>= 0.1.3)
      nokogiri (~> 1.8)
      rack (>= 1.6.0)
      rack-test (>= 0.6.3)
      regexp_parser (~> 1.5)
      xpath (~> 3.2)
    capybara-email (3.0.1)
      capybara (>= 2.4, < 4.0)
      mail
    capybara-mechanize (1.11.0)
      capybara (>= 2.4.4, < 4)
      mechanize (~> 2.7.0)
    chartkick (3.3.0)
    childprocess (1.0.1)
      rake (< 13.0)
    chronic (0.10.2)
    climate_control (0.2.0)
    cliver (0.3.2)
    coffee-rails (5.0.0)
      coffee-script (>= 2.2.0)
      railties (>= 5.2.0)
    coffee-script (2.4.1)
      coffee-script-source
      execjs
    coffee-script-source (1.12.2)
    commander (4.4.7)
      highline (~> 2.0.0)
    concurrent-ruby (1.1.6)
    config (2.0.0)
      activesupport (>= 4.2)
      deep_merge (~> 1.2, >= 1.2.1)
      dry-schema (~> 1.0)
    connection_pool (2.2.2)
    crass (1.0.6)
    csv_builder (2.1.1)
      actionpack (>= 3.0.0)
    cucumber (3.1.2)
      builder (>= 2.1.2)
      cucumber-core (~> 3.2.0)
      cucumber-expressions (~> 6.0.1)
      cucumber-wire (~> 0.0.1)
      diff-lcs (~> 1.3)
      gherkin (~> 5.1.0)
      multi_json (>= 1.7.5, < 2.0)
      multi_test (>= 0.1.2)
    cucumber-core (3.2.1)
      backports (>= 3.8.0)
      cucumber-tag_expressions (~> 1.1.0)
      gherkin (~> 5.0)
    cucumber-expressions (6.0.1)
    cucumber-rails (1.8.0)
      capybara (>= 2.12, < 4)
      cucumber (>= 3.0.2, < 4)
      mime-types (>= 2.0, < 4)
      nokogiri (~> 1.8)
      railties (>= 4.2, < 7)
    cucumber-tag_expressions (1.1.1)
    cucumber-wire (0.0.1)
    daemons (1.3.1)
    daemons-rails (1.2.1)
      daemons
      multi_json (~> 1.0)
    dalli (2.7.10)
    database_cleaner (1.7.0)
    deep_merge (1.2.1)
    delayed_job (4.1.7)
      activesupport (>= 3.0, < 5.3)
    delayed_job_active_record (4.1.3)
      activerecord (>= 3.0, < 5.3)
      delayed_job (>= 3.0, < 5)
    delayed_job_web (1.4.3)
      activerecord (> 3.0.0)
      delayed_job (> 2.0.3)
      rack-protection (>= 1.5.5)
      sinatra (>= 1.4.4)
    diff-lcs (1.3)
    docile (1.3.2)
    domain_name (0.5.20190701)
      unf (>= 0.0.5, < 1.0.0)
    draper (3.1.0)
      actionpack (>= 5.0)
      activemodel (>= 5.0)
      activemodel-serializers-xml (>= 1.0)
      activesupport (>= 5.0)
      request_store (>= 1.0)
    dry-configurable (0.8.3)
      concurrent-ruby (~> 1.0)
      dry-core (~> 0.4, >= 0.4.7)
    dry-container (0.7.2)
      concurrent-ruby (~> 1.0)
      dry-configurable (~> 0.1, >= 0.1.3)
    dry-core (0.4.8)
      concurrent-ruby (~> 1.0)
    dry-equalizer (0.2.2)
    dry-inflector (0.1.2)
    dry-initializer (3.0.1)
    dry-logic (1.0.3)
      concurrent-ruby (~> 1.0)
      dry-core (~> 0.2)
      dry-equalizer (~> 0.2)
    dry-schema (1.3.2)
      concurrent-ruby (~> 1.0)
      dry-configurable (~> 0.8, >= 0.8.3)
      dry-core (~> 0.4)
      dry-equalizer (~> 0.2)
      dry-initializer (~> 3.0)
      dry-logic (~> 1.0)
      dry-types (~> 1.0)
    dry-types (1.1.1)
      concurrent-ruby (~> 1.0)
      dry-container (~> 0.3)
      dry-core (~> 0.4, >= 0.4.4)
      dry-equalizer (~> 0.2, >= 0.2.2)
      dry-inflector (~> 0.1, >= 0.1.2)
      dry-logic (~> 1.0, >= 1.0.2)
    erubi (1.9.0)
    erubis (2.7.0)
    execjs (2.7.0)
    factory_bot (5.0.2)
      activesupport (>= 4.2.0)
    factory_bot_rails (5.0.2)
      factory_bot (~> 5.0.2)
      railties (>= 4.2.0)
    faraday (0.15.4)
      multipart-post (>= 1.2, < 3)
    ffi (1.11.1)
    font-awesome-rails (4.7.0.5)
      railties (>= 3.2, < 6.1)
    gemoji (2.1.0)
    gherkin (5.1.0)
    globalid (0.4.2)
      activesupport (>= 4.2.0)
    haml (5.1.2)
      temple (>= 0.8.0)
      tilt
    haml-rails (2.0.1)
      actionpack (>= 5.1)
      activesupport (>= 5.1)
      haml (>= 4.0.6, < 6.0)
      html2haml (>= 1.0.1)
      railties (>= 5.1)
    hashie (3.6.0)
    hex_string (1.0.1)
    highline (2.0.2)
    hodel_3000_compliant_logger (0.1.1)
    html2haml (2.2.0)
      erubis (~> 2.7.0)
      haml (>= 4.0, < 6)
      nokogiri (>= 1.6.0)
      ruby_parser (~> 3.5)
    http-cookie (1.0.3)
      domain_name (~> 0.5)
    httparty (0.17.0)
      mime-types (~> 3.0)
      multi_xml (>= 0.5.2)
    i18n (1.8.2)
      concurrent-ruby (~> 1.0)
    io-like (0.3.0)
    jbuilder (2.9.1)
      activesupport (>= 4.2.0)
    jmespath (1.4.0)
    json (2.2.0)
    json_spec (1.1.5)
      multi_json (~> 1.0)
      rspec (>= 2.0, < 4.0)
    launchy (2.4.3)
      addressable (~> 2.3)
    lmdb (0.4.8)
    logger (1.3.0)
    loofah (2.4.0)
      crass (~> 1.0.2)
      nokogiri (>= 1.5.9)
    macaddr (1.7.2)
      systemu (~> 2.6.5)
    mail (2.7.1)
      mini_mime (>= 0.1.1)
    marcel (0.3.3)
      mimemagic (~> 0.3.2)
    mechanize (2.7.6)
      domain_name (~> 0.5, >= 0.5.1)
      http-cookie (~> 1.0)
      mime-types (>= 1.17.2)
      net-http-digest_auth (~> 1.1, >= 1.1.1)
      net-http-persistent (>= 2.5.2)
      nokogiri (~> 1.6)
      ntlm-http (~> 0.1, >= 0.1.1)
      webrobots (>= 0.0.9, < 0.2)
    metaclass (0.0.4)
    method_source (0.9.2)
    mime-types (3.2.2)
      mime-types-data (~> 3.2015)
    mime-types-data (3.2019.0331)
    mimemagic (0.3.3)
    mini_mime (1.0.2)
    mini_portile2 (2.4.0)
    minitest (5.14.0)
    minitest-matchers_vaccine (1.0.4)
      minitest (~> 5.0)
    mocha (1.9.0)
      metaclass (~> 0.0.1)
    multi_json (1.13.1)
    multi_test (0.1.2)
    multi_xml (0.6.0)
    multipart-post (2.1.1)
    mustermann (1.0.3)
    net-http-persistent (3.1.0)
      connection_pool (~> 2.2)
    net-ldap (0.16.1)
    net-scp (2.0.0)
      net-ssh (>= 2.6.5, < 6.0.0)
    net-ssh (5.2.0)
    nio4r (2.5.2)
    nokogiri (1.10.8)
      mini_portile2 (~> 2.4.0)
    ntlm-http (0.1.1)
    oink (0.10.1)
      activerecord
      hodel_3000_compliant_logger
    omniauth (1.9.0)
      hashie (>= 3.4.6, < 3.7.0)
      rack (>= 1.6.2, < 3)
    omniauth-shibboleth (1.3.0)
      omniauth (>= 1.0.0)
    options (2.3.2)
    os (1.0.1)
    paperclip (5.3.0)
      activemodel (>= 4.2.0)
      activesupport (>= 4.2.0)
      mime-types
      mimemagic (~> 0.3.0)
      terrapin (~> 0.6.0)
    parallel (1.17.0)
    passenger (6.0.2)
      rack
      rake (>= 0.8.1)
    pdfjs_viewer-rails (0.3.1)
      json (> 1.8.4)
      rails (> 4.2.0)
      sass-rails (~> 5.0)
    pg (1.1.4)
    poltergeist (1.18.1)
      capybara (>= 2.1, < 4)
      cliver (~> 0.3.1)
      websocket-driver (>= 0.2.0)
    postgresql_cursor (0.6.2)
      activerecord (>= 3.1.0)
    pr_geohash (1.0.0)
    progress_bar (1.3.0)
      highline (>= 1.6, < 3)
      options (~> 2.3.0)
    public_suffix (3.1.1)
    puma (4.3.5)
      nio4r (~> 2.0)
    rack (2.2.3)
    rack-protection (2.0.5)
      rack
    rack-proxy (0.6.5)
      rack
    rack-test (1.1.0)
      rack (>= 1.0, < 3)
    rack_session_access (0.2.0)
      builder (>= 2.0.0)
      rack (>= 1.0.0)
    rails (5.2.3)
      actioncable (= 5.2.3)
      actionmailer (= 5.2.3)
      actionpack (= 5.2.3)
      actionview (= 5.2.3)
      activejob (= 5.2.3)
      activemodel (= 5.2.3)
      activerecord (= 5.2.3)
      activestorage (= 5.2.3)
      activesupport (= 5.2.3)
      bundler (>= 1.3.0)
      railties (= 5.2.3)
      sprockets-rails (>= 2.0.0)
    rails-dom-testing (2.0.3)
      activesupport (>= 4.2.0)
      nokogiri (>= 1.6)
    rails-html-sanitizer (1.3.0)
      loofah (~> 2.3)
    rails-jquery-autocomplete (1.0.5)
      rails (>= 3.2)
    railties (5.2.3)
      actionpack (= 5.2.3)
      activesupport (= 5.2.3)
      method_source
      rake (>= 0.8.7)
      thor (>= 0.19.0, < 2.0)
    rake (12.3.3)
    rb-fsevent (0.10.3)
    rb-inotify (0.10.0)
      ffi (~> 1.0)
    react-rails (2.4.7)
      babel-transpiler (>= 0.7.0)
      connection_pool
      execjs
      railties (>= 3.2)
      tilt
    redcarpet (3.5.0)
    regexp_parser (1.6.0)
    render_anywhere (0.0.12)
      rails (>= 3.0.7)
    request_store (1.4.1)
      rack (>= 1.4)
    responders (3.0.0)
      actionpack (>= 5.0)
      railties (>= 5.0)
    rinku (1.7.3)
    routler (0.0.2)
      commander
    rsolr (2.2.1)
      builder (>= 2.1.2)
      faraday (>= 0.9.0)
    rspec (3.8.0)
      rspec-core (~> 3.8.0)
      rspec-expectations (~> 3.8.0)
      rspec-mocks (~> 3.8.0)
    rspec-core (3.8.2)
      rspec-support (~> 3.8.0)
    rspec-expectations (3.8.4)
      diff-lcs (>= 1.2.0, < 2.0)
      rspec-support (~> 3.8.0)
    rspec-mocks (3.8.1)
      diff-lcs (>= 1.2.0, < 2.0)
      rspec-support (~> 3.8.0)
    rspec-rails (3.8.2)
      actionpack (>= 3.0)
      activesupport (>= 3.0)
      railties (>= 3.0)
      rspec-core (~> 3.8.0)
      rspec-expectations (~> 3.8.0)
      rspec-mocks (~> 3.8.0)
      rspec-support (~> 3.8.0)
    rspec-support (3.8.2)
    rsync (1.0.9)
    ruby-filemagic (0.7.2)
    ruby-limiter (1.1.0)
    ruby_parser (3.13.1)
      sexp_processor (~> 4.9)
    rubyzip (1.3.0)
    sass (3.7.4)
      sass-listen (~> 4.0.0)
    sass-listen (4.0.0)
      rb-fsevent (~> 0.9, >= 0.9.4)
      rb-inotify (~> 0.9, >= 0.9.7)
    sass-rails (5.0.7)
      railties (>= 4.0.0, < 6)
      sass (~> 3.1)
      sprockets (>= 2.8, < 4.0)
      sprockets-rails (>= 2.0, < 4.0)
      tilt (>= 1.1, < 3)
    sassc (2.0.1)
      ffi (~> 1.9)
      rake
    selenium-webdriver (3.142.1)
      childprocess (>= 0.5, < 2.0)
      rubyzip (~> 1.2, >= 1.2.2)
    sexp_processor (4.12.1)
    shoulda-matchers (2.8.0)
      activesupport (>= 3.0.0)
    simple_form (5.0.2)
      actionpack (>= 5.0)
      activemodel (>= 5.0)
    simple_memoize (1.1.2)
    simplecov (0.17.0)
      docile (~> 1.1)
      json (>= 1.8, < 3)
      simplecov-html (~> 0.10.0)
    simplecov-html (0.10.2)
    sinatra (2.0.5)
      mustermann (~> 1.0)
      rack (~> 2.0)
      rack-protection (= 2.0.5)
      tilt (~> 2.0)
    sprockets (3.7.2)
      concurrent-ruby (~> 1.0)
      rack (> 1, < 3)
    sprockets-rails (3.2.1)
      actionpack (>= 4.0)
      activesupport (>= 4.0)
      sprockets (>= 3.0.0)
    sshkit (1.20.0)
      net-scp (>= 1.1.2)
      net-ssh (>= 2.8.0)
    sunspot (2.5.0)
      pr_geohash (~> 1.0)
      rsolr (>= 1.1.1, < 3)
    sunspot_rails (2.5.0)
      rails (>= 3)
      sunspot (= 2.5.0)
    sunspot_solr (2.5.0)
    sunspot_test (0.4.1)
      sunspot_rails (>= 2.1.1)
      sunspot_solr
    systemu (2.6.5)
    tag_helper (0.5.0)
    temple (0.8.1)
    terrapin (0.6.0)
      climate_control (>= 0.0.3, < 1.0)
    thor (0.20.3)
    thread_safe (0.3.6)
    tilt (2.0.9)
    traceroute (0.8.0)
      rails (>= 3.0.0)
    tzinfo (1.2.6)
      thread_safe (~> 0.1)
    uglifier (4.1.20)
      execjs (>= 0.3.0, < 3)
    unf (0.1.4)
      unf_ext
    unf_ext (0.0.7.6)
    uuid (2.3.9)
      macaddr (~> 1.0)
    valid_email (0.1.3)
      activemodel
      mail (>= 2.6.1)
    webdrivers (4.1.2)
      nokogiri (~> 1.6)
      rubyzip (~> 1.0)
      selenium-webdriver (>= 3.0, < 4.0)
    webpacker (4.0.7)
      activesupport (>= 4.2)
      rack-proxy (>= 0.6.1)
      railties (>= 4.2)
    webrobots (0.1.2)
    websocket-driver (0.7.1)
      websocket-extensions (>= 0.1.0)
    websocket-extensions (0.1.5)
    will_paginate (3.1.7)
    will_paginate-bootstrap (1.0.2)
      will_paginate (>= 3.0.3)
    xpath (3.2.0)
      nokogiri (~> 1.8)
    yajl-ruby (1.4.1)

PLATFORMS
  ruby

DEPENDENCIES
  alma_api!
  amq-protocol
  amqp_helper (~> 0.2.0)!
  auto_html
  auto_strip_attributes
  bootstrap-sass
  browser
  bunny
  bunny-mock!
  byebug
  cancancan
  capistrano-bundler
  capistrano-passenger
  capistrano-rails
  capistrano-rbenv
  capistrano-yarn
  capybara
  capybara-email
  capybara-mechanize
  chartkick
  chronic
  coffee-rails
  config
  connection_pool
  csv_builder
  cucumber-rails
  daemons
  daemons-rails
  dalli
  database_cleaner
  delayed_job_active_record
  delayed_job_web
  draper
  factory_bot_rails
  font-awesome-rails
  haml
  haml-rails
  hex_string
  httparty
  jbuilder
  json_spec
  launchy
  lmdb
  logger
  marcel
  medusa_storage!
  minitest-matchers_vaccine
  mocha
  multi_json
  net-http-digest_auth!
  net-ldap
  nokogiri (>= 1.10.4)
  oink
  omniauth
  omniauth-shibboleth
  os
  paperclip (~> 5.2)
  passenger
  pdfjs_viewer-rails
  pg
  poltergeist
  postgresql_cursor
  progress_bar
  puma
  rack_session_access
  rails (~> 5.1)
  rails-jquery-autocomplete
  react-rails (~> 2.4.0)
  render_anywhere
  responders
  routler
  rspec-rails
  rsync
  ruby-filemagic
  sass
  sass-rails
  selenium-webdriver (= 3.142.1)
  send_file_with_range!
  shoulda-matchers (~> 2.0)
  simple_form
  simple_memoize
  simplecov
  sunspot_rails
  sunspot_solr
  sunspot_test
  traceroute
  uglifier
  uuid
  valid_email
  webdrivers
  webpacker (~> 4.x)
  will_paginate
  will_paginate-bootstrap
  yajl-ruby

BUNDLED WITH
   1.17.2
